GEM
  remote: https://rubygems.org/
  specs:
    addressable (2.3.6)
    arrayfields (4.9.2)
    buftok (0.2.0)
    chronic (0.10.2)
    coderay (1.1.0)
    coerce (0.0.6)
      chronic (>= 0.6.2)
    equalizer (0.0.9)
    faraday (0.9.0)
      multipart-post (>= 1.2, < 3)
    fattr (2.2.2)
    highline (1.6.21)
    http (0.6.2)
      http_parser.rb (~> 0.6.0)
    http_parser.rb (0.6.0)
    json (1.8.1)
    main (6.0.0)
      arrayfields (>= 4.7.4)
      chronic (>= 0.6.2)
      fattr (>= 2.2.0)
      map (>= 5.1.0)
    map (6.5.4)
    memoizable (0.4.2)
      thread_safe (~> 0.3, >= 0.3.1)
    method_source (0.8.2)
    mini_portile (0.6.0)
    multipart-post (2.0.0)
    naught (1.0.0)
    nokogiri (1.6.2.1)
      mini_portile (= 0.6.0)
    pry (0.10.1)
      coderay (~> 1.1.0)
      method_source (~> 0.8.1)
      slop (~> 3.4)
    sekrets (1.7.0)
      coerce (>= 0.0.3)
      fattr (>= 2.2.1)
      highline (>= 1.6.15)
      main (>= 5.1.1)
      map (>= 6.3.0)
    simple_oauth (0.2.0)
    slop (3.6.0)
    thread_safe (0.3.4)
    twitter (5.11.0)
      addressable (~> 2.3)
      buftok (~> 0.2.0)
      equalizer (~> 0.0.9)
      faraday (~> 0.9.0)
      http (~> 0.6.0)
      http_parser.rb (~> 0.6.0)
      json (~> 1.8)
      memoizable (~> 0.4.0)
      naught (~> 1.0)
      simple_oauth (~> 0.2.0)

PLATFORMS
  ruby

DEPENDENCIES
  nokogiri
  pry
  sekrets
  twitter
